GEM
  remote: https://rubygems.org/
  specs:
    addressable (2.3.8)
    escher (0.3.4)
      addressable (~> 2.3)
    escher-keypool (0.0.1)
    escher-rack_middleware (0.2.0)
      escher (>= 0.3.3)
    rack (1.6.0)
    webrick (1.3.1)

PLATFORMS
  ruby

DEPENDENCIES
  escher-keypool (>= 0.0.1)
  escher-rack_middleware (>= 0.1.3)
  rack (>= 1.6.0)
  webrick (>= 1.3.1)
